GEM
  remote: https://rubygems.org/
  specs:
    axlsx (2.0.1)
      htmlentities (~> 4.3.1)
      nokogiri (>= 1.4.1)
      rubyzip (~> 1.0.0)
    bigdecimal (3.1.8)
    dotenv (3.1.4)
    faraday (2.12.0)
      faraday-net_http (>= 2.0, < 3.4)
      json
      logger
    faraday-net_http (3.3.0)
      net-http
    htmlentities (4.3.4)
    json (2.7.2)
    logger (1.6.1)
    matrix (0.4.2)
    net-http (0.4.1)
      uri
    nokogiri (1.16.7-arm64-darwin)
      racc (~> 1.4)
    pdf-core (0.10.0)
    prawn (2.5.0)
      matrix (~> 0.4)
      pdf-core (~> 0.10.0)
      ttfunk (~> 1.8)
    racc (1.8.1)
    rubyzip (1.0.0)
    ttfunk (1.8.0)
      bigdecimal (~> 3.1)
    uri (0.13.1)

PLATFORMS
  arm64-darwin-23

DEPENDENCIES
  axlsx
  dotenv
  faraday
  json
  prawn

BUNDLED WITH
   2.2.3
